PATH
  remote: .
  specs:
    killbill-payment-test (1.0.0)
      activemerchant (~> 1.29.3)
      killbill (~> 1.0.1)
      sinatra (~> 1.3.4)

GEM
  remote: http://rubygems.org/
  specs:
    active_utils (1.0.5)
      activesupport (>= 2.3.11)
      i18n
    activemerchant (1.29.3)
      active_utils (>= 1.0.2)
      activesupport (>= 2.3.14)
      builder (>= 2.0.0)
      i18n
      json (>= 1.5.1)
      money
      nokogiri
    activesupport (3.2.12)
      i18n (~> 0.6)
      multi_json (~> 1.0)
    builder (3.2.0)
    diff-lcs (1.1.3)
    i18n (0.6.4)
    jbundler (0.4.1)
      maven-tools (~> 0.32.1)
      ruby-maven (~> 3.0.4)
    json (1.7.7-java)
    killbill (1.0.1)
    maven-tools (0.32.4)
    money (5.1.1)
      i18n (~> 0.6.0)
    multi_json (1.6.1)
    nokogiri (1.5.6-java)
    rack (1.5.2)
    rack-protection (1.5.0)
      rack
    rake (10.0.3)
    rspec (2.12.0)
      rspec-core (~> 2.12.0)
      rspec-expectations (~> 2.12.0)
      rspec-mocks (~> 2.12.0)
    rspec-core (2.12.2)
    rspec-expectations (2.12.1)
      diff-lcs (~> 1.1.3)
    rspec-mocks (2.12.2)
    ruby-maven (3.0.4.1.4)
      maven-tools (~> 0.32.3)
      thor (>= 0.14.6, < 2.0)
    sinatra (1.3.6)
      rack (~> 1.4)
      rack-protection (~> 1.3)
      tilt (~> 1.3, >= 1.3.3)
    thor (0.17.0)
    tilt (1.3.5)

PLATFORMS
  java

DEPENDENCIES
  jbundler (~> 0.4.1)
  killbill-payment-test!
  rake (>= 10.0.0)
  rspec (~> 2.12.0)
